GEM
  remote: https://rubygems.org/
  specs:
    require_all (2.0.0)

PLATFORMS
  ruby

DEPENDENCIES
  require_all

BUNDLED WITH
   1.16.6
